{
  "PowerLineFrequency": 50,
  "TaskName": "VisualSituationalAwareness",
  "EEGChannelCount": 64,
  "MiscChannelCount": 6,
  "EEGReference": "common",
  "RecordingType": "continuous",
  "RecordingDuration": 1185,
  "SamplingFrequency": 256,
  "EOGChannelCount": 0,
  "ECGChannelCount": 0,
  "EMGChannelCount": 0,
  "SoftwareFilters": "n/a"
}